PATH
  remote: .
  specs:
    asciidoctor-kroki (0.5.0)
      asciidoctor (~> 2.0)

GEM
  remote: https://rubygems.org/
  specs:
    asciidoctor (2.0.11)
    ast (2.4.1)
    diff-lcs (1.3)
    jaro_winkler (1.5.4)
    parallel (1.19.1)
    parser (2.7.1.3)
      ast (~> 2.4.0)
    rainbow (3.0.0)
    rake (12.3.3)
    rspec (3.8.0)
      rspec-core (~> 3.8.0)
      rspec-expectations (~> 3.8.0)
      rspec-mocks (~> 3.8.0)
    rspec-core (3.8.2)
      rspec-support (~> 3.8.0)
    rspec-expectations (3.8.6)
      diff-lcs (>= 1.2.0, < 2.0)
      rspec-support (~> 3.8.0)
    rspec-mocks (3.8.2)
      diff-lcs (>= 1.2.0, < 2.0)
      rspec-support (~> 3.8.0)
    rspec-support (3.8.3)
    rubocop (0.74.0)
      jaro_winkler (~> 1.5.1)
      parallel (~> 1.10)
      parser (>= 2.6)
      rainbow (>= 2.2.2, < 4.0)
      ruby-progressbar (~> 1.7)
      unicode-display_width (>= 1.4.0, < 1.7)
    ruby-progressbar (1.10.1)
    unicode-display_width (1.6.1)

PLATFORMS
  ruby

DEPENDENCIES
  asciidoctor-kroki!
  rake (~> 12.3.2)
  rspec (~> 3.8.0)
  rubocop (~> 0.74.0)

BUNDLED WITH
   2.2.17
